GEM
  specs:
    base64 (0.2.0)
    bigdecimal (3.1.4)
    csv (3.2.6)
    date (3.3.4)
    httparty (0.22.0)
      csv
      mini_mime (>= 1.0.0)
      multi_xml (>= 0.5.2)
    mini_mime (1.1.5)
    multi_xml (0.7.1)
      bigdecimal (~> 3.1)
    nokogiri (1.16.4-x64-mingw-ucrt)
      racc (~> 1.4)
    open-uri (0.4.1)
      stringio
      time
      uri
    racc (1.7.3)
    rexml (3.2.6)
    rubyzip (2.3.2)
    selenium-webdriver (4.20.1)
      base64 (~> 0.2)
      rexml (~> 3.2, >= 3.2.5)
      rubyzip (>= 1.2.2, < 3.0)
      websocket (~> 1.0)
    stringio (3.1.0)
    time (0.2.2)
      date
    uri (0.12.1)
    websocket (1.2.10)

PLATFORMS
  x64-mingw-ucrt

DEPENDENCIES
  csv
  httparty
  nokogiri
  open-uri
  selenium-webdriver

BUNDLED WITH
   2.4.22
